GIT
  remote: git@github.com:1kplus/feedbag.git
  revision: fd3aeab9e842ddfdcd1a1deb0e841082259e490a
  specs:
    muck-feedbag (0.7.1)

GIT
  remote: git@github.com:1kplus/feeder.git
  revision: c38915bba0b3ae51139201590a3ac180243b23f9
  specs:
    feeder (0.0.1)
      ensure-encoding
      faraday
      faraday_middleware
      rails (~> 3.2)
      resque
      sidekiq

GIT
  remote: git@github.com:1kplus/feedzirra.git
  revision: 5f3d145413bd46813bb562fea874b5e214aa0544
  specs:
    feedzirra (0.2.0.rc2)
      curb (~> 0.8.0)
      loofah (~> 1.2.1)
      nokogiri (~> 1.5.3)
      sax-machine (~> 0.2.0.rc1)

GEM
  remote: https://rubygems.org/
  specs:
    actionmailer (3.2.12)
      actionpack (= 3.2.12)
      mail (~> 2.4.4)
    actionpack (3.2.12)
      activemodel (= 3.2.12)
      activesupport (= 3.2.12)
      builder (~> 3.0.0)
      erubis (~> 2.7.0)
      journey (~> 1.0.4)
      rack (~> 1.4.5)
      rack-cache (~> 1.2)
      rack-test (~> 0.6.1)
      sprockets (~> 2.2.1)
    active_model_serializers (0.7.0)
      activemodel (>= 3.0)
    activemodel (3.2.12)
      activesupport (= 3.2.12)
      builder (~> 3.0.0)
    activerecord (3.2.12)
      activemodel (= 3.2.12)
      activesupport (= 3.2.12)
      arel (~> 3.0.2)
      tzinfo (~> 0.3.29)
    activeresource (3.2.12)
      activemodel (= 3.2.12)
      activesupport (= 3.2.12)
    activesupport (3.2.12)
      i18n (~> 0.6)
      multi_json (~> 1.0)
    acts_as_follower (0.1.1)
    addressable (2.3.3)
    arel (3.0.2)
    attr_required (0.0.5)
    awesome_print (1.1.0)
    bcrypt-ruby (3.0.1)
    better_errors (0.7.2)
      coderay (>= 1.0.0)
      erubis (>= 2.6.6)
    binding_of_caller (0.7.1)
      debug_inspector (>= 0.0.1)
    bootstrap-sass (2.3.0.1)
      sass (~> 3.2)
    builder (3.0.4)
    capistrano (2.14.2)
      highline
      net-scp (>= 1.0.0)
      net-sftp (>= 2.0.0)
      net-ssh (>= 2.0.14)
      net-ssh-gateway (>= 1.1.0)
    capybara (1.1.4)
      mime-types (>= 1.16)
      nokogiri (>= 1.3.3)
      rack (>= 1.0.0)
      rack-test (>= 0.5.4)
      selenium-webdriver (~> 2.0)
      xpath (~> 0.1.4)
    carrierwave (0.8.0)
      activemodel (>= 3.2.0)
      activesupport (>= 3.2.0)
    celluloid (0.12.4)
      facter (>= 1.6.12)
      timers (>= 1.0.0)
    childprocess (0.3.9)
      ffi (~> 1.0, >= 1.0.11)
    chronic (0.9.1)
    chunky_png (1.2.7)
    coderay (1.0.9)
    coffee-rails (3.2.2)
      coffee-script (>= 2.2.0)
      railties (~> 3.2.0)
    coffee-script (2.2.0)
      coffee-script-source
      execjs
    coffee-script-source (1.6.1)
    columnize (0.3.6)
    compass (0.12.2)
      chunky_png (~> 1.2)
      fssm (>= 0.2.7)
      sass (~> 3.1)
    compass-rails (1.0.3)
      compass (>= 0.12.2, < 0.14)
    connection_pool (1.0.0)
    cookiejar (0.3.0)
    coolline (0.4.0)
    crack (0.3.2)
    curb (0.8.3)
    daemons (1.1.9)
    database_cleaner (0.9.1)
    debug_inspector (0.0.2)
    debugger (1.5.0)
      columnize (>= 0.3.1)
      debugger-linecache (~> 1.2.0)
      debugger-ruby_core_source (~> 1.2.0)
    debugger-linecache (1.2.0)
    debugger-ruby_core_source (1.2.0)
    devise (2.2.3)
      bcrypt-ruby (~> 3.0)
      orm_adapter (~> 0.1)
      railties (~> 3.1)
      warden (~> 1.2.1)
    diff-lcs (1.2.1)
    em-http-request (1.0.3)
      addressable (>= 2.2.3)
      cookiejar
      em-socksify
      eventmachine (>= 1.0.0.beta.4)
      http_parser.rb (>= 0.5.3)
    em-socksify (0.2.1)
      eventmachine (>= 1.0.0.beta.4)
    embedly (1.5.6)
      json
      oauth
      querystring
      typhoeus
    ensure-encoding (0.1)
    erb2haml (0.1.4)
      haml
      hpricot
      ruby_parser
    erubis (2.7.0)
    ethon (0.5.10)
      ffi (~> 1.3.0)
      mime-types (~> 1.18)
    eventmachine (1.0.3)
    execjs (1.4.0)
      multi_json (~> 1.0)
    facter (1.6.18)
    faraday (0.8.6)
      multipart-post (~> 1.1)
    faraday_middleware (0.9.0)
      faraday (>= 0.7.4, < 0.9)
    fast-stemmer (1.0.2)
    faye (0.8.9)
      cookiejar (>= 0.3.0)
      em-http-request (>= 0.3.0)
      eventmachine (>= 0.12.0)
      faye-websocket (>= 0.4.0)
      rack (>= 1.0.0)
      yajl-ruby (>= 1.0.0)
    faye-websocket (0.4.7)
      eventmachine (>= 0.12.0)
    fb_graph (2.6.5)
      httpclient (>= 2.2.0.2)
      multi_json (>= 1.3)
      rack-oauth2 (>= 0.14.4)
      tzinfo
    ffi (1.3.1)
    figaro (0.6.3)
      bundler (~> 1.0)
      rails (>= 3, < 5)
    foreman (0.62.0)
      thor (>= 0.13.6)
    fssm (0.2.10)
    god (0.13.2)
    haml (4.0.0)
      tilt
    handlebars_assets (0.12.0)
      execjs (>= 1.2.9)
      sprockets (>= 2.0.3)
      tilt
    highline (1.6.16)
    hike (1.2.1)
    hpricot (0.8.6)
    http_parser.rb (0.5.3)
    httpclient (2.3.3)
    i18n (0.6.4)
    io-console (0.3)
    jasmine (1.3.2)
      jasmine-core (~> 1.3.1)
      rack (~> 1.0)
      rspec (>= 1.3.1)
      selenium-webdriver (>= 0.1.3)
    jasmine-core (1.3.1)
    jasmine-headless-webkit (0.8.4)
      coffee-script
      jasmine-core (~> 1.1)
      multi_json
      rainbow
      sprockets (~> 2)
    jasmine-rails (0.3.3)
      jasmine (~> 1.3)
      jasmine-headless-webkit
      rails (>= 3.1.0)
    journey (1.0.4)
    jquery-rails (2.2.1)
      railties (>= 3.0, < 5.0)
      thor (>= 0.14, < 2.0)
    json (1.7.7)
    kgio (2.8.0)
    launchy (2.2.0)
      addressable (~> 2.3)
    libxml-ruby (2.6.0)
    loofah (1.2.1)
      nokogiri (>= 1.4.4)
    mail (2.4.4)
      i18n (>= 0.4.0)
      mime-types (~> 1.16)
      treetop (~> 1.4.8)
    mails_viewer (0.0.3)
      rails (>= 3.1.0)
    meta_request (0.2.2)
      rack-contrib
      railties
    method_source (0.8.1)
    mime-types (1.21)
    multi_json (1.7.0)
    multipart-post (1.2.0)
    net-scp (1.1.0)
      net-ssh (>= 2.6.5)
    net-sftp (2.1.1)
      net-ssh (>= 2.6.5)
    net-ssh (2.6.6)
    net-ssh-gateway (1.2.0)
      net-ssh (>= 2.6.5)
    newrelic_rpm (3.5.8.72)
    nokogiri (1.5.6)
    oauth (0.4.7)
    oj (2.0.10)
    orm_adapter (0.4.0)
    pg (0.14.1)
    pismo (0.7.4)
      awesome_print
      chronic
      fast-stemmer
      nokogiri
      sanitize
    polyglot (0.3.3)
    private_pub (1.0.3)
      faye
    pry (0.9.12)
      coderay (~> 1.0.5)
      method_source (~> 0.8)
      slop (~> 3.4)
    pry-coolline (0.2.2)
      coolline (~> 0.3)
      io-console (~> 0.3.0)
    pry-debugger (0.2.2)
      debugger (~> 1.3)
      pry (~> 0.9.10)
    pry-rails (0.2.2)
      pry (>= 0.9.10)
    pry-remote (0.1.7)
      pry (~> 0.9)
      slop (~> 3.0)
    querystring (0.1.0)
    quiet_assets (1.0.2)
      railties (>= 3.1, < 5.0)
    rack (1.4.5)
    rack-cache (1.2)
      rack (>= 0.4)
    rack-contrib (1.1.0)
      rack (>= 0.9.1)
    rack-oauth2 (1.0.3)
      activesupport (>= 2.3)
      attr_required (>= 0.0.5)
      httpclient (>= 2.2.0.2)
      i18n
      multi_json (>= 1.3.6)
      rack (>= 1.1)
    rack-protection (1.5.0)
      rack
    rack-ssl (1.3.3)
      rack
    rack-test (0.6.2)
      rack (>= 1.0)
    rails (3.2.12)
      actionmailer (= 3.2.12)
      actionpack (= 3.2.12)
      activerecord (= 3.2.12)
      activeresource (= 3.2.12)
      activesupport (= 3.2.12)
      bundler (~> 1.0)
      railties (= 3.2.12)
    railties (3.2.12)
      actionpack (= 3.2.12)
      activesupport (= 3.2.12)
      rack-ssl (~> 1.3.2)
      rake (>= 0.8.7)
      rdoc (~> 3.4)
      thor (>= 0.14.6, < 2.0)
    rainbow (1.1.4)
    raindrops (0.10.0)
    rake (10.0.3)
    rdoc (3.12.2)
      json (~> 1.4)
    redis (3.0.3)
    redis-namespace (1.2.1)
      redis (~> 3.0.0)
    resque (1.23.1)
      multi_json (~> 1.0)
      redis-namespace (~> 1.0)
      sinatra (>= 0.9.2)
      vegas (~> 0.1.2)
    rspec (2.13.0)
      rspec-core (~> 2.13.0)
      rspec-expectations (~> 2.13.0)
      rspec-mocks (~> 2.13.0)
    rspec-core (2.13.1)
    rspec-expectations (2.13.0)
      diff-lcs (>= 1.1.3, < 2.0)
    rspec-mocks (2.13.0)
    rspec-rails (2.13.0)
      actionpack (>= 3.0)
      activesupport (>= 3.0)
      railties (>= 3.0)
      rspec-core (~> 2.13.0)
      rspec-expectations (~> 2.13.0)
      rspec-mocks (~> 2.13.0)
    ruby_gntp (0.3.4)
    ruby_parser (3.1.1)
      sexp_processor (~> 4.1)
    rubyzip (0.9.9)
    rvm-capistrano (1.2.7)
      capistrano (>= 2.0.0)
    sanitize (2.0.3)
      nokogiri (>= 1.4.4, < 1.6)
    sass (3.2.7)
    sass-rails (3.2.6)
      railties (~> 3.2.0)
      sass (>= 3.1.10)
      tilt (~> 1.3)
    sax-machine (0.2.0.rc1)
      nokogiri (~> 1.5.2)
    selenium-webdriver (2.31.0)
      childprocess (>= 0.2.5)
      multi_json (~> 1.0)
      rubyzip
      websocket (~> 1.0.4)
    sexp_processor (4.1.5)
    sextant (0.2.3)
      activesupport (>= 3.2)
      rails (>= 3.2)
    sidekiq (2.8.0)
      celluloid (~> 0.12.0)
      connection_pool (~> 1.0)
      multi_json (~> 1)
      redis (~> 3)
      redis-namespace
    sidekiq-failures (0.1.0)
      sidekiq (>= 2.2.1)
      sinatra
      slim
      sprockets
    sidekiq-limit_fetch (1.2)
      sidekiq (>= 2.6.5, < 3)
    sinatra (1.3.6)
      rack (~> 1.4)
      rack-protection (~> 1.3)
      tilt (~> 1.3, >= 1.3.3)
    slim (1.3.6)
      temple (~> 0.5.5)
      tilt (~> 1.3.3)
    slop (3.4.4)
    sprockets (2.2.2)
      hike (~> 1.2)
      multi_json (~> 1.0)
      rack (~> 1.0)
      tilt (~> 1.1, != 1.3.0)
    sucker_punch (0.2)
      celluloid (> 0.11)
    temple (0.5.5)
    thin (1.5.0)
      daemons (>= 1.0.9)
      eventmachine (>= 0.12.6)
      rack (>= 1.0.0)
    thor (0.17.0)
    tilt (1.3.6)
    timers (1.1.0)
    treetop (1.4.12)
      polyglot
      polyglot (>= 0.3.1)
    turbo-sprockets-rails3 (0.3.6)
      railties (> 3.2.8, < 4.0.0)
      sprockets (>= 2.0.0)
    typhoeus (0.6.2)
      ethon (~> 0.5.10)
    tzinfo (0.3.37)
    uglifier (1.3.0)
      execjs (>= 0.3.0)
      multi_json (~> 1.0, >= 1.0.2)
    unicorn (4.6.2)
      kgio (~> 2.6)
      rack
      raindrops (~> 0.7)
    vcr (2.4.0)
    vegas (0.1.11)
      rack (>= 1.0.0)
    warden (1.2.1)
      rack (>= 1.0)
    webmock (1.9.0)
      addressable (>= 2.2.7)
      crack (>= 0.1.7)
    websocket (1.0.7)
    xpath (0.1.4)
      nokogiri (~> 1.3)
    yajl-ruby (1.1.0)

PLATFORMS
  ruby

DEPENDENCIES
  active_model_serializers (~> 0.6)
  acts_as_follower (~> 0.1)
  awesome_print (~> 1.1)
  better_errors (~> 0.6)
  binding_of_caller (~> 0.7)
  bootstrap-sass (~> 2.3)
  capistrano (~> 2.0)
  capybara (~> 1.0)
  carrierwave (~> 0.8)
  coffee-rails (~> 3.2)
  compass-rails (~> 1.0)
  curb (~> 0.8)
  database_cleaner (~> 0.9)
  devise (~> 2.2)
  embedly (~> 1.5)
  ensure-encoding (~> 0.1)
  erb2haml (~> 0.1)
  faraday (~> 0.8)
  faraday_middleware (~> 0.9)
  fb_graph (~> 2.6)
  feeder!
  feedzirra!
  figaro (~> 0.6)
  foreman (~> 0.61)
  god (~> 0.13)
  haml (~> 4.0)
  handlebars_assets (~> 0.10)
  hpricot (~> 0.8)
  jasmine-rails (~> 0.3)
  jquery-rails (~> 2.2)
  launchy (~> 2.2)
  libxml-ruby (~> 2.3)
  loofah (~> 1.2)
  mails_viewer (~> 0.0)
  meta_request (~> 0.2)
  muck-feedbag!
  newrelic_rpm (~> 3.5)
  nokogiri (~> 1.5)
  oj (~> 2.0)
  pg (~> 0.14)
  pismo (~> 0.7)
  private_pub (~> 1.0)
  pry-coolline
  pry-debugger
  pry-rails (~> 0.2)
  pry-remote
  quiet_assets (~> 1.0)
  rails (~> 3.2)
  resque
  rspec-rails (~> 2.12)
  ruby_gntp
  rvm-capistrano (~> 1.2)
  sass-rails (~> 3.2)
  sextant (~> 0.2)
  sidekiq (~> 2.6)
  sidekiq-failures (~> 0.1)
  sidekiq-limit_fetch (~> 1.1)
  sinatra (~> 1.3)
  slim (~> 1.3)
  sucker_punch
  thin (~> 1.5)
  turbo-sprockets-rails3 (~> 0.3)
  typhoeus (~> 0.5)
  uglifier (~> 1.3)
  unicorn (~> 4.4)
  vcr (~> 2.4)
  webmock (= 1.9)
